GIT
  remote: https://github.com/dcadenas/nulldb.git
  revision: cf05e66e48f9e48b15a13b736755f4fe17fe7c42
  specs:
    activerecord-nulldb-adapter (0.2.1)
      activerecord (>= 2.0.0, < 4.0)

GEM
  remote: http://rubygems.org/
  specs:
    activemodel (3.2.3)
      activesupport (= 3.2.3)
      builder (~> 3.0.0)
    activerecord (3.2.3)
      activemodel (= 3.2.3)
      activesupport (= 3.2.3)
      arel (~> 3.0.2)
      tzinfo (~> 0.3.29)
    activesupport (3.2.3)
      i18n (~> 0.6)
      multi_json (~> 1.0)
    arel (3.0.2)
    builder (3.0.0)
    expectations (2.0.0)
      mocha (>= 0.5.5)
    i18n (0.6.0)
    metaclass (0.0.1)
    mocha (0.10.5)
      metaclass (~> 0.0.1)
    multi_json (1.3.2)
    rake (0.9.2.2)
    tzinfo (0.3.33)

PLATFORMS
  ruby

DEPENDENCIES
  activerecord
  activerecord-nulldb-adapter!
  expectations
  rake
